GEM
  remote: http://rubygems.org/
  specs:
    builder (3.0.0)
    daemons (1.1.4)
    dalli (1.1.3)
    eventmachine (0.12.10)
    memcachier (0.0.2)
    rack (1.3.5)
    rack-cache (1.1)
      rack (>= 0.4)
    rake (0.9.2.2)
    rdiscount (1.6.8)
    shotgun (0.9)
      rack (>= 1.0)
    thin (1.2.11)
      daemons (>= 1.0.9)
      eventmachine (>= 0.12.6)
      rack (>= 1.0.0)
    toto (0.4.9)
      builder
      rack
      rdiscount

PLATFORMS
  ruby

DEPENDENCIES
  dalli
  memcachier
  rack-cache
  rake
  shotgun
  thin
  toto
