GEM
  remote: https://rubygems.org/
  specs:
    builder (3.2.2)
    daemons (1.2.3)
    dalli (2.7.5)
    eventmachine (1.0.9.1)
    memcachier (0.0.2)
    rack (1.6.4)
    rack-cache (1.6.0)
      rack (>= 0.4)
    rake (10.5.0)
    rdiscount (2.1.8)
    shotgun (0.9.1)
      rack (>= 1.0)
    thin (1.6.4)
      daemons (~> 1.0, >= 1.0.9)
      eventmachine (~> 1.0, >= 1.0.4)
      rack (~> 1.0)
    toto (0.4.9)
      builder
      rack
      rdiscount

PLATFORMS
  ruby

DEPENDENCIES
  dalli
  memcachier
  rack-cache
  rake
  shotgun
  thin
  toto

BUNDLED WITH
   1.11.2
