GEM
  remote: https://rubygems.org/
  specs:
    builder (3.2.3)
    puma (3.8.2)
    rack (2.0.1)
    rake (12.0.0)
    rdiscount (2.2.0.1)
    shotgun (0.9.2)
      rack (>= 1.0)
    toto (0.4.9)
      builder
      rack
      rdiscount

PLATFORMS
  ruby

DEPENDENCIES
  puma
  rack
  rake
  shotgun
  toto

RUBY VERSION
   ruby 2.4.0p0

BUNDLED WITH
   1.13.6
