GEM
  remote: https://rubygems.org/
  specs:
    builder (3.2.2)
    nio4r (2.5.8)
    puma (5.6.4)
      nio4r (~> 2.0)
    rack (2.0.1)
    rake (11.2.2)
    rdiscount (2.2.0.1)
    shotgun (0.9.1)
      rack (>= 1.0)
    toto (0.4.9)
      builder
      rack
      rdiscount

PLATFORMS
  ruby

DEPENDENCIES
  puma
  rack
  rake
  shotgun
  toto

RUBY VERSION
   ruby 3.1.0p0

BUNDLED WITH
   2.3.5
