GEM
  remote: https://rubygems.org/
  specs:
    builder (3.2.2)
    puma (3.6.0)
    rack (1.6.4)
    rake (10.5.0)
    rdiscount (2.1.8)
    shotgun (0.9.1)
      rack (>= 1.0)
    toto (0.4.9)
      builder
      rack
      rdiscount

PLATFORMS
  ruby

DEPENDENCIES
  puma
  rack
  rake
  shotgun
  toto

RUBY VERSION
   ruby 2.3.1p112

BUNDLED WITH
   1.12.5
